PATH
  remote: .
  specs:
    crypto_formatter (0.1.0)
      bigdecimal

GEM
  remote: https://rubygems.org/
  specs:
    bigdecimal (3.1.5)
    diff-lcs (1.6.2)
    rake (10.5.0)
    rspec (3.13.1)
      rspec-core (~> 3.13.0)
      rspec-expectations (~> 3.13.0)
      rspec-mocks (~> 3.13.0)
    rspec-core (3.13.4)
      rspec-support (~> 3.13.0)
    rspec-expectations (3.13.5)
      diff-lcs (>= 1.2.0, < 2.0)
      rspec-support (~> 3.13.0)
    rspec-mocks (3.13.5)
      diff-lcs (>= 1.2.0, < 2.0)
      rspec-support (~> 3.13.0)
    rspec-support (3.13.4)

PLATFORMS
  ruby
  x86_64-linux-gnu

DEPENDENCIES
  bundler (~> 2.0)
  crypto_formatter!
  rake (~> 10.0)
  rspec (~> 3.0)

BUNDLED WITH
   2.6.9
